GEM
  remote: http://rubygems.org/
  specs:
    RedCloth (4.2.7)
    haml (3.1.1)
    maruku (0.6.0)
      syntax (>= 1.0.0)
    nesta (0.9.4)
      RedCloth (~> 4.2)
      haml (~> 3.0)
      maruku (>= 0.6.0)
      shotgun (>= 0.8)
      sinatra (= 1.1.2)
    rack (1.3.0)
    rack-force_domain (0.1.1)
    shotgun (0.9)
      rack (>= 1.0)
    sinatra (1.1.2)
      rack (~> 1.1)
      tilt (~> 1.2)
    syntax (1.0.0)
    tilt (1.3.2)

PLATFORMS
  ruby

DEPENDENCIES
  nesta (= 0.9.4)
  rack-force_domain (= 0.1.1)
